PATH
  remote: .
  specs:
    ruta (0.1.0)
      opal (~> 0.8)
      opal-browser (~> 0.2)

GEM
  remote: https://rubygems.org/
  specs:
    concurrent-ruby (1.0.0)
    hike (1.2.3)
    opal (0.8.1)
      hike (~> 1.2)
      sourcemap (~> 0.1.0)
      sprockets (~> 3.1)
      tilt (>= 1.4)
    opal-browser (0.2.0)
      opal
      paggio
    paggio (0.2.5)
    rack (1.6.4)
    rake (10.4.2)
    sourcemap (0.1.1)
    sprockets (3.5.2)
      concurrent-ruby (~> 1.0)
      rack (> 1, < 3)
    tilt (2.0.1)

PLATFORMS
  ruby

DEPENDENCIES
  bundler (~> 1.10)
  rake (~> 10.0)
  ruta!

BUNDLED WITH
   1.10.6
